GEM
  remote: http://rubygems.org/
  specs:
    amqp (0.6.7)
      eventmachine (>= 0.12.4)
    builder (3.0.0)
    cucumber (1.0.0)
      builder (>= 2.1.2)
      diff-lcs (>= 1.1.2)
      gherkin (~> 2.4.1)
      json (>= 1.4.6)
      term-ansicolor (>= 1.0.5)
    cucumber-nagios (0.9.2)
      amqp (= 0.6.7)
      bundler (~> 1.0.7)
      cucumber (>= 0.10.0)
      mechanize (= 1.0.0)
      net-ssh (~> 2.1.0)
      rspec (>= 2.3.0)
      templater (>= 1.0.0)
      webrat (= 0.7.2)
    diff-lcs (1.1.2)
    eventmachine (0.12.10)
    extlib (0.9.15)
    gherkin (2.4.1)
      json (>= 1.4.6)
    highline (1.6.2)
    json (1.5.3)
    mechanize (1.0.0)
      nokogiri (>= 1.2.1)
    net-ssh (2.1.4)
    nokogiri (1.4.6)
    rack (1.3.0)
    rack-test (0.6.0)
      rack (>= 1.0)
    rspec (2.6.0)
      rspec-core (~> 2.6.0)
      rspec-expectations (~> 2.6.0)
      rspec-mocks (~> 2.6.0)
    rspec-core (2.6.4)
    rspec-expectations (2.6.0)
      diff-lcs (~> 1.1.2)
    rspec-mocks (2.6.0)
    sinatra (1.2.6)
      rack (~> 1.1)
      tilt (>= 1.2.2, < 2.0)
    templater (1.0.0)
      diff-lcs (>= 1.1.2)
      extlib (>= 0.9.5)
      highline (>= 1.4.0)
    term-ansicolor (1.0.5)
    tilt (1.3.2)
    webrat (0.7.2)
      nokogiri (>= 1.2.0)
      rack (>= 1.0)
      rack-test (>= 0.5.3)

PLATFORMS
  ruby

DEPENDENCIES
  cucumber-nagios
  sinatra
